GEM
  remote: https://rubygems.org/
  specs:
    builder (3.2.2)
    ci_reporter (2.0.0)
      builder (>= 2.1.2)
    ci_reporter_rspec (1.0.0)
      ci_reporter (~> 2.0)
      rspec (>= 2.14, < 4)
    diff-lcs (1.2.5)
    multi_json (1.11.0)
    net-scp (1.2.1)
      net-ssh (>= 2.6.5)
    net-ssh (2.9.2)
    rake (10.4.2)
    rspec (3.2.0)
      rspec-core (~> 3.2.0)
      rspec-expectations (~> 3.2.0)
      rspec-mocks (~> 3.2.0)
    rspec-core (3.2.1)
      rspec-support (~> 3.2.0)
    rspec-expectations (3.2.0)
      diff-lcs (>= 1.2.0, < 2.0)
      rspec-support (~> 3.2.0)
    rspec-its (1.2.0)
      rspec-core (>= 3.0.0)
      rspec-expectations (>= 3.0.0)
    rspec-mocks (3.2.1)
      diff-lcs (>= 1.2.0, < 2.0)
      rspec-support (~> 3.2.0)
    rspec-support (3.2.2)
    serverspec (2.10.0)
      multi_json
      rspec (~> 3.0)
      rspec-its
      specinfra (~> 2.15)
    specinfra (2.19.0)
      net-scp
      net-ssh

PLATFORMS
  ruby

DEPENDENCIES
  ci_reporter (= 2.0.0)
  ci_reporter_rspec (= 1.0.0)
  rake (= 10.4.2)
  serverspec (= 2.10.0)
